GIT
  remote: git://github.com/botanicus/blog-generator.git
  revision: 072746b9a0a5d9ad5dbc59477663b58b3e975159
  branch: master
  specs:
    blog-generator (1.0.0)
      nokogiri (~> 1.10)
      redcarpet (~> 3.4)

GEM
  remote: https://rubygems.org/
  specs:
    mini_portile2 (2.4.0)
    nokogiri (1.10.3)
      mini_portile2 (~> 2.4.0)
    redcarpet (3.4.0)

PLATFORMS
  ruby

DEPENDENCIES
  blog-generator!

BUNDLED WITH
   2.0.1
