GIT
  remote: git://github.com/botanicus/blog-generator.git
  revision: 23840bf7d474cb6e04bd69d0d54bd15d3e37223d
  branch: master
  specs:
    blog-generator (1.0.0)
      nokogiri (~> 1.10)
      redcarpet (~> 3.4)

GEM
  remote: https://rubygems.org/
  specs:
    mini_portile2 (2.4.0)
    nokogiri (1.10.3)
      mini_portile2 (~> 2.4.0)
    redcarpet (3.4.0)

PLATFORMS
  ruby

DEPENDENCIES
  blog-generator!

BUNDLED WITH
   2.0.1
